GEM
  remote: https://rubygems.org/
  specs:
    motion-meter (1.0)
    rake (10.4.2)

PLATFORMS
  ruby

DEPENDENCIES
  motion-meter
  rake
